GEM
  remote: http://rubygems.org/
  specs:
    highline (1.6.21)
    thor (0.19.1)

PLATFORMS
  ruby

DEPENDENCIES
  highline
  thor
